GEM
  remote: https://rubygems.org/
  specs:
    ffi (1.9.10)

PLATFORMS
  ruby

DEPENDENCIES
  ffi (~> 1.9.0)

BUNDLED WITH
   1.11.2
